GEM
  remote: https://rubygems.org/
  specs:
    ffi (1.9.10)
    mini_portile (0.6.2)
    natto (1.0.1)
      ffi (>= 1.9.0)
    nokogiri (1.6.6.2)
      mini_portile (~> 0.6.0)

PLATFORMS
  ruby

DEPENDENCIES
  natto
  nokogiri

BUNDLED WITH
   1.10.6
